GEM
  remote: https://rubygems.org/
  remote: https://rails-assets.org/
  specs:
    ace-rails-ap (3.0.3)
    actionmailer (4.2.5.1)
      actionpack (= 4.2.5.1)
      actionview (= 4.2.5.1)
      activejob (= 4.2.5.1)
      mail (~> 2.5, >= 2.5.4)
      rails-dom-testing (~> 1.0, >= 1.0.5)
    actionpack (4.2.5.1)
      actionview (= 4.2.5.1)
      activesupport (= 4.2.5.1)
      rack (~> 1.6)
      rack-test (~> 0.6.2)
      rails-dom-testing (~> 1.0, >= 1.0.5)
      rails-html-sanitizer (~> 1.0, >= 1.0.2)
    actionview (4.2.5.1)
      activesupport (= 4.2.5.1)
      builder (~> 3.1)
      erubis (~> 2.7.0)
      rails-dom-testing (~> 1.0, >= 1.0.5)
      rails-html-sanitizer (~> 1.0, >= 1.0.2)
    activejob (4.2.5.1)
      activesupport (= 4.2.5.1)
      globalid (>= 0.3.0)
    activemodel (4.2.5.1)
      activesupport (= 4.2.5.1)
      builder (~> 3.1)
    activerecord (4.2.5.1)
      activemodel (= 4.2.5.1)
      activesupport (= 4.2.5.1)
      arel (~> 6.0)
    activesupport (4.2.5.1)
      i18n (~> 0.7)
      json (~> 1.7, >= 1.7.7)
      minitest (~> 5.1)
      thread_safe (~> 0.3, >= 0.3.4)
      tzinfo (~> 1.1)
    addressable (2.3.8)
    analytics-ruby (2.0.13)
    angular-rails-templates (1.0.1)
      railties (>= 4.2, < 6)
      sprockets (>= 3.0, < 5)
      tilt
    annotate (2.7.1)
      activerecord (>= 3.2, < 6.0)
      rake (>= 10.4, < 12.0)
    ar-octopus (0.8.6)
      activerecord (>= 3.2.0)
      activesupport (>= 3.2.0)
    arel (6.0.3)
    ast (2.3.0)
    autoprefixer-rails (6.1.2)
      execjs
      json
    aws-kclrb (1.0.0)
      multi_json (~> 1.0)
    aws-sdk-core (2.7.3)
      aws-sigv4 (~> 1.0)
      jmespath (~> 1.0)
    aws-sigv4 (1.0.0)
    bcrypt (3.1.10)
    bootstrap-sass (3.3.5)
      autoprefixer-rails (>= 5.0.0.1)
      sass (>= 3.2.19)
    bourbon (3.2.4)
      sass (~> 3.2)
      thor
    builder (3.2.2)
    byebug (8.2.1)
    capybara (2.5.0)
      mime-types (>= 1.16)
      nokogiri (>= 1.3.3)
      rack (>= 1.0.0)
      rack-test (>= 0.5.4)
      xpath (~> 2.0)
    chunky_png (1.3.6)
    cocoon (1.2.6)
    codecov (0.1.5)
      json
      simplecov
      url
    coderay (1.1.0)
    coffee-rails (4.1.0)
      coffee-script (>= 2.2.0)
      railties (>= 4.0.0, < 5.0)
    coffee-script (2.4.1)
      coffee-script-source
      execjs
    coffee-script-source (1.10.0)
    commonjs (0.2.7)
    compass (1.0.3)
      chunky_png (~> 1.2)
      compass-core (~> 1.0.2)
      compass-import-once (~> 1.0.5)
      rb-fsevent (>= 0.9.3)
      rb-inotify (>= 0.9)
      sass (>= 3.3.13, < 3.5)
    compass-core (1.0.3)
      multi_json (~> 1.0)
      sass (>= 3.3.0, < 3.5)
    compass-import-once (1.0.5)
      sass (>= 3.2, < 3.5)
    compass-rails (3.0.2)
      compass (~> 1.0.0)
      sass-rails (< 5.1)
      sprockets (< 4.0)
    concurrent-ruby (1.0.2)
    crack (0.4.3)
      safe_yaml (~> 1.0.0)
    daemons (1.2.3)
    diff-lcs (1.2.5)
    docile (1.1.5)
    dogstatsd-ruby (1.6.0)
    domain_name (0.5.25)
      unf (>= 0.0.5, < 1.0.0)
    erubis (2.7.0)
    eventmachine (1.0.7)
    execjs (2.6.0)
    factory_girl (4.5.0)
      activesupport (>= 3.0.0)
    factory_girl_rails (4.5.0)
      factory_girl (~> 4.5.0)
      railties (>= 3.0.0)
    faraday (0.9.2)
      multipart-post (>= 1.2, < 3)
    ffi (1.9.14)
    font-awesome-sass (4.3.2.1)
      sass (~> 3.2)
    geocoder (1.2.9)
    global_phone (1.0.1)
    globalid (0.3.6)
      activesupport (>= 4.1.0)
    hashdiff (0.3.0)
    holidays (4.6.0)
    hologram (1.4.0)
      redcarpet (>= 2.2, < 4.0)
      rouge (>= 1.5)
    http-cookie (1.0.2)
      domain_name (~> 0.5)
    http_accept_language (2.0.5)
    i18n (0.7.0)
    jasmine (2.4.0)
      jasmine-core (~> 2.4)
      phantomjs
      rack (>= 1.2.1)
      rake
    jasmine-core (2.4.1)
    jbuilder (2.3.1)
      activesupport (>= 3.0.0, < 5)
      multi_json (~> 1.2)
    jmespath (1.3.1)
    jquery-rails (3.1.3)
      railties (>= 3.0, < 5.0)
      thor (>= 0.14, < 2.0)
    json (1.8.3)
    jwt (1.5.2)
    koala (2.4.0)
      addressable
      faraday
      multi_json (>= 1.3.0)
    less (2.6.0)
      commonjs (~> 0.2.7)
    less-rails (2.8.0)
      actionpack (>= 4.0)
      less (~> 2.6.0)
      sprockets (> 2, < 4)
      tilt
    libv8 (3.16.14.11)
    loofah (2.0.3)
      nokogiri (>= 1.5.9)
    mail (2.6.3)
      mime-types (>= 1.16, < 3)
    maxminddb (0.1.11)
    method_source (0.8.2)
    mime-types (2.99)
    mini_magick (4.5.1)
    mini_portile2 (2.1.0)
    minitest (5.9.1)
    mixpanel-ruby (2.2.0)
    multi_json (1.12.1)
    multipart-post (2.0.0)
    mysql2 (0.3.20)
    netrc (0.10.3)
    newrelic_rpm (3.14.1.311)
    nexmo (3.0.0)
    nokogiri (1.6.8.1)
      mini_portile2 (~> 2.1.0)
    oneapi-ruby (1.0.1)
    paranoia (2.1.5)
      activerecord (~> 4.0)
    parser (2.3.1.4)
      ast (~> 2.2)
    pg (0.18.4)
    phantomjs (2.1.1)
    polyamorous (1.2.0)
      activerecord (>= 3.0)
    powerpack (0.1.1)
    pry (0.10.3)
      coderay (~> 1.1.0)
      method_source (~> 0.8.1)
      slop (~> 3.4)
    pry-byebug (3.3.0)
      byebug (~> 8.0)
      pry (~> 0.10)
    rack (1.6.4)
    rack-attack (4.3.0)
      rack
    rack-test (0.6.3)
      rack (>= 1.0)
    rails (4.2.5.1)
      actionmailer (= 4.2.5.1)
      actionpack (= 4.2.5.1)
      actionview (= 4.2.5.1)
      activejob (= 4.2.5.1)
      activemodel (= 4.2.5.1)
      activerecord (= 4.2.5.1)
      activesupport (= 4.2.5.1)
      bundler (>= 1.3.0, < 2.0)
      railties (= 4.2.5.1)
      sprockets-rails
    rails-assets-Justified-Gallery (3.6.1)
      rails-assets-jquery (> 1.9.0)
    rails-assets-ace-builds (1.2.3)
    rails-assets-angucomplete-alt (2.4.1)
      rails-assets-angular (>= 1.4.0)
    rails-assets-angular (1.5.7)
    rails-assets-angular-animate (1.5.7)
      rails-assets-angular (= 1.5.7)
    rails-assets-angular-bootstrap (1.3.1)
      rails-assets-angular (>= 1.4.0)
    rails-assets-angular-drag-and-drop-lists (1.4.0)
    rails-assets-angular-minicolors (0.0.9)
      rails-assets-jquery-minicolors (= 2.1.7)
    rails-assets-angular-mocks (1.5.7)
      rails-assets-angular (= 1.5.7)
    rails-assets-angular-perfect-scrollbar (0.0.4)
      rails-assets-angular
      rails-assets-perfect-scrollbar (~> 0.5.1)
    rails-assets-angular-resource (1.5.7)
      rails-assets-angular (= 1.5.7)
    rails-assets-angular-sanitize (1.5.7)
      rails-assets-angular (= 1.5.7)
    rails-assets-angular-socket-io (0.7.0)
      rails-assets-angular (>= 1.2.6, < 2)
    rails-assets-angular-strap (2.3.9)
      rails-assets-angular (>= 1.2.21, < 2)
    rails-assets-angular-ui-ace (0.2.3)
      rails-assets-ace-builds (>= 1, < 2)
      rails-assets-angular (~> 1.0)
    rails-assets-angular-ui-router (0.3.1)
      rails-assets-angular (>= 1.0.8, < 2)
    rails-assets-angular-ui-switch (0.1.1)
    rails-assets-bootstrap-daterangepicker (2.1.23)
      rails-assets-jquery (>= 1.9.1, < 3)
      rails-assets-moment (>= 2.9.0)
    rails-assets-clipboard (1.5.5)
    rails-assets-color-thief (2.0.1)
    rails-assets-highcharts (4.2.0)
    rails-assets-highcharts-ng (0.0.11)
    rails-assets-jquery (2.1.4)
    rails-assets-jquery-minicolors (2.1.7)
    rails-assets-keymaster (1.6.3)
    rails-assets-moment (2.10.6)
    rails-assets-ng-file-upload (12.0.4)
      rails-assets-angular (> 1.2.0)
    rails-assets-ng-rollbar (1.9.2)
    rails-assets-ngDialog (0.6.2)
      rails-assets-angular (~> 1.5)
    rails-assets-ngInfiniteScroll (1.3.0)
      rails-assets-angular (>= 1.2.0)
    rails-assets-ngtoast (2.0.0)
      rails-assets-angular (>= 1.2.15, < 1.6)
      rails-assets-angular-sanitize (>= 1.2.15, < 1.6)
    rails-assets-perfect-scrollbar (0.5.9)
      rails-assets-jquery (>= 1.10)
    rails-assets-spinkit (1.2.5)
    rails-assets-underscore.string (3.2.2)
    rails-assets-waypoints (2.0.3)
    rails-deprecated_sanitizer (1.0.3)
      activesupport (>= 4.2.0.alpha)
    rails-dom-testing (1.0.7)
      activesupport (>= 4.2.0.beta, < 5.0)
      nokogiri (~> 1.6.0)
      rails-deprecated_sanitizer (>= 1.0.1)
    rails-html-sanitizer (1.0.3)
      loofah (~> 2.0)
    railties (4.2.5.1)
      actionpack (= 4.2.5.1)
      activesupport (= 4.2.5.1)
      rake (>= 0.8.7)
      thor (>= 0.18.1, < 2.0)
    rainbow (2.1.0)
    rake (11.3.0)
    ransack (1.6.6)
      actionpack (>= 3.0)
      activerecord (>= 3.0)
      activesupport (>= 3.0)
      i18n
      polyamorous (~> 1.2)
    rb-fsevent (0.9.7)
    rb-inotify (0.9.7)
      ffi (>= 0.5.0)
    redcarpet (3.3.4)
    redis (3.2.2)
    ref (1.0.5)
    rest-client (1.8.0)
      http-cookie (>= 1.0.2, < 2.0)
      mime-types (>= 1.16, < 3.0)
      netrc (~> 0.7)
    retriable (2.1.0)
    rollbar (2.11.5)
      multi_json
    rouge (1.10.1)
    rspec-core (3.5.2)
      rspec-support (~> 3.5.0)
    rspec-expectations (3.5.0)
      diff-lcs (>= 1.2.0, < 2.0)
      rspec-support (~> 3.5.0)
    rspec-mocks (3.5.0)
      diff-lcs (>= 1.2.0, < 2.0)
      rspec-support (~> 3.5.0)
    rspec-rails (3.5.1)
      actionpack (>= 3.0)
      activesupport (>= 3.0)
      railties (>= 3.0)
      rspec-core (~> 3.5.0)
      rspec-expectations (~> 3.5.0)
      rspec-mocks (~> 3.5.0)
      rspec-support (~> 3.5.0)
    rspec-support (3.5.0)
    rubocop (0.44.1)
      parser (>= 2.3.1.1, < 3.0)
      powerpack (~> 0.1)
      rainbow (>= 1.99.1, < 3.0)
      ruby-progressbar (~> 1.7)
      unicode-display_width (~> 1.0, >= 1.0.1)
    ruby-progressbar (1.8.1)
    rubyzip (1.1.7)
    safe_yaml (1.0.4)
    sass (3.4.22)
    sass-rails (5.0.6)
      railties (>= 4.0.0, < 6)
      sass (~> 3.1)
      sprockets (>= 2.8, < 4.0)
      sprockets-rails (>= 2.0, < 4.0)
      tilt (>= 1.1, < 3)
    select2-rails (4.0.1)
      thor (~> 0.14)
    simplecov (0.11.1)
      docile (~> 1.1.0)
      json (~> 1.8)
      simplecov-html (~> 0.10.0)
    simplecov-html (0.10.0)
    simplecov-lcov (0.5.0)
    slop (3.6.0)
    sprockets (3.6.3)
      concurrent-ruby (~> 1.0)
      rack (> 1, < 3)
    sprockets-rails (3.2.0)
      actionpack (>= 4.0)
      activesupport (>= 4.0)
      sprockets (>= 3.0.0)
    sqlite3 (1.3.10)
    sucker_punch (2.0.1)
      concurrent-ruby (~> 1.0.0)
    teaspoon (1.1.5)
      railties (>= 3.2.5, < 6)
    teaspoon-jasmine (2.3.4)
      teaspoon (>= 1.0.0)
    therubyracer (0.12.2)
      libv8 (~> 3.16.14.0)
      ref
    thin (1.6.3)
      daemons (~> 1.0, >= 1.0.9)
      eventmachine (~> 1.0)
      rack (~> 1.0)
    thor (0.19.1)
    thread_safe (0.3.5)
    tilt (2.0.5)
    timecop (0.7.4)
    turbolinks (2.5.3)
      coffee-rails
    twilio-ruby (4.8.0)
      builder (>= 2.1.2)
      jwt (~> 1.0)
      multi_json (>= 1.3.0)
    twitter-bootstrap-rails (2.2.8)
      actionpack (>= 3.1)
      execjs
      rails (>= 3.1)
      railties (>= 3.1)
    tzinfo (1.2.2)
      thread_safe (~> 0.1)
    uglifier (2.7.1)
      execjs (>= 0.3.0)
      json (>= 1.8.0)
    unf (0.1.4)
      unf_ext
    unf_ext (0.0.7.1)
    unicode-display_width (1.1.1)
    url (0.3.2)
    user_agent_parser (2.3.0)
    webmock (2.0.0)
      addressable (>= 2.3.6)
      crack (>= 0.3.2)
      hashdiff
    will_paginate (3.1.0)
    xpath (2.0.0)
      nokogiri (~> 1.3)

PLATFORMS
  ruby

DEPENDENCIES
  ace-rails-ap (~> 3.0.3)
  analytics-ruby (>= 2.0.0)
  angular-rails-templates (~> 1.0.0)
  annotate
  ar-octopus
  aws-kclrb
  aws-sdk-core
  bcrypt
  bootstrap-sass
  bourbon
  byebug
  capybara
  cocoon
  codecov
  coffee-rails (>= 4.1.0)
  compass-rails
  dogstatsd-ruby
  factory_girl_rails
  font-awesome-sass
  geocoder
  global_phone
  holidays
  hologram
  http_accept_language
  jasmine
  jbuilder (>= 2.2)
  jquery-rails
  koala
  less-rails
  maxminddb
  mini_magick
  mixpanel-ruby
  multi_json
  mysql2
  newrelic_rpm
  nexmo
  nokogiri
  oneapi-ruby
  paranoia (>= 2.0)
  pg
  phantomjs
  pry-byebug
  rack-attack
  rails (~> 4.2.1)
  rails-assets-Justified-Gallery!
  rails-assets-angucomplete-alt!
  rails-assets-angular (~> 1.5.7)!
  rails-assets-angular-animate (~> 1.5.7)!
  rails-assets-angular-bootstrap (= 1.3.1)!
  rails-assets-angular-drag-and-drop-lists!
  rails-assets-angular-minicolors (~> 0.0.9)!
  rails-assets-angular-mocks (~> 1.5.7)
  rails-assets-angular-perfect-scrollbar!
  rails-assets-angular-resource (~> 1.5.7)!
  rails-assets-angular-socket-io!
  rails-assets-angular-strap!
  rails-assets-angular-ui-ace!
  rails-assets-angular-ui-router!
  rails-assets-angular-ui-switch!
  rails-assets-bootstrap-daterangepicker!
  rails-assets-clipboard!
  rails-assets-color-thief!
  rails-assets-highcharts (= 4.2.0)!
  rails-assets-highcharts-ng!
  rails-assets-keymaster!
  rails-assets-moment!
  rails-assets-ng-file-upload (~> 12.0.4)!
  rails-assets-ng-rollbar!
  rails-assets-ngDialog!
  rails-assets-ngInfiniteScroll!
  rails-assets-ngtoast!
  rails-assets-spinkit!
  rails-assets-underscore.string!
  rails-assets-waypoints (= 2.0.3)!
  rake
  ransack
  redis
  rest-client
  retriable
  rollbar (~> 2.11.5)
  rspec-rails (>= 3.0)
  rubocop
  rubyzip
  sass-rails (~> 5.0)
  select2-rails
  simplecov
  simplecov-lcov
  sprockets (= 3.6.3)
  sqlite3
  sucker_punch (= 2.0.1)
  teaspoon-jasmine
  therubyracer
  thin
  timecop
  turbolinks
  twilio-ruby
  twitter-bootstrap-rails (= 2.2.8)
  uglifier (>= 2.7.1)
  user_agent_parser
  webmock
  will_paginate

BUNDLED WITH
   1.13.2
