GEM
  remote: https://rubygems.org/
  specs:
    extlib (0.9.16)

PLATFORMS
  ruby

DEPENDENCIES
  extlib (~> 0.9.16)
